GEM
  remote: https://rubygems.org/
  specs:
    CFPropertyList (2.3.5)
    activesupport (5.1.4)
      concurrent-ruby (~> 1.0, >= 1.0.2)
      i18n (~> 0.7)
      minitest (~> 5.1)
      tzinfo (~> 1.1)
    ambient-xcode (0.8.1)
      plist (~> 3.2, >= 3.2.0)
      xcodeproj (~> 1.5, >= 1.5.0)
    claide (1.0.2)
    cocoapods (1.0.1)
      activesupport (>= 4.0.2)
      claide (>= 1.0.0, < 2.0)
      cocoapods-core (= 1.0.1)
      cocoapods-deintegrate (>= 1.0.0, < 2.0)
      cocoapods-downloader (>= 1.0.0, < 2.0)
      cocoapods-plugins (>= 1.0.0, < 2.0)
      cocoapods-search (>= 1.0.0, < 2.0)
      cocoapods-stats (>= 1.0.0, < 2.0)
      cocoapods-trunk (>= 1.0.0, < 2.0)
      cocoapods-try (>= 1.0.0, < 2.0)
      colored (~> 1.2)
      escape (~> 0.0.4)
      fourflusher (~> 0.3.0)
      molinillo (~> 0.4.5)
      nap (~> 1.0)
      xcodeproj (>= 1.1.0, < 2.0)
    cocoapods-core (1.0.1)
      activesupport (>= 4.0.2)
      fuzzy_match (~> 2.0.4)
      nap (~> 1.0)
    cocoapods-deintegrate (1.0.0)
    cocoapods-downloader (1.1.0)
    cocoapods-plugins (1.0.0)
      nap
    cocoapods-search (1.0.0)
    cocoapods-stats (1.0.0)
    cocoapods-trunk (1.0.0)
      nap (>= 0.8, < 2.0)
      netrc (= 0.7.8)
    cocoapods-try (1.1.0)
    colored (1.2)
    colored2 (3.1.2)
    concurrent-ruby (1.0.5)
    escape (0.0.4)
    fourflusher (0.3.2)
    fuzzy_match (2.0.4)
    i18n (0.8.6)
    minitest (5.10.3)
    molinillo (0.4.5)
    nanaimo (0.2.3)
    nap (1.1.0)
    netrc (0.7.8)
    plist (3.3.0)
    thread_safe (0.3.6)
    tzinfo (1.2.3)
      thread_safe (~> 0.1)
    xcodeproj (1.5.1)
      CFPropertyList (~> 2.3.3)
      claide (>= 1.0.2, < 2.0)
      colored2 (~> 3.1)
      nanaimo (~> 0.2.3)

PLATFORMS
  ruby

DEPENDENCIES
  ambient-xcode
  cocoapods

BUNDLED WITH
   1.15.1
